PATH
  remote: .
  specs:
    random_location (0.1.0)

GEM
  remote: https://rubygems.org/
  specs:
    border_patrol (0.2.1)
      nokogiri (>= 1.4.3.1)
    mini_portile2 (2.8.0)
    minitest (5.12.0)
    nokogiri (1.13.6)
      mini_portile2 (~> 2.8.0)
      racc (~> 1.4)
    racc (1.6.0)
    rake (10.4.2)

PLATFORMS
  ruby

DEPENDENCIES
  border_patrol
  bundler (~> 2.0)
  minitest (~> 5.0)
  rake (~> 10.0)
  random_location!

BUNDLED WITH
   2.0.2
